GEM
  remote: https://rubygems.org/
  specs:
    builder (3.1.4)
    eventmachine (1.0.0)
    http_parser.rb (0.5.3)
    jwt (0.1.5)
      multi_json (>= 1.0)
    multi_json (1.5.0)
    simple_oauth (0.1.9)
    twilio-ruby (3.9.0)
      builder (>= 2.1.2)
      jwt (>= 0.1.2)
      multi_json (>= 1.3.0)
    twitter-stream (0.1.16)
      eventmachine (>= 0.12.8)
      http_parser.rb (~> 0.5.1)
      simple_oauth (~> 0.1.4)

PLATFORMS
  ruby

DEPENDENCIES
  twilio-ruby
  twitter-stream
