GEM
  remote: https://rubygems.org/
  specs:
    builder (3.1.4)
    cleverbot (0.1.1)
      httparty (~> 0.8.0)
    eventmachine (1.0.0)
    faraday (0.8.4)
      multipart-post (~> 1.1)
    faraday_middleware (0.9.0)
      faraday (>= 0.7.4, < 0.9)
    foreman (0.60.2)
      thor (>= 0.13.6)
    hashie (1.2.0)
    http_parser.rb (0.5.3)
    httparty (0.8.3)
      multi_json (~> 1.0)
      multi_xml
    json (1.7.6)
    jwt (0.1.5)
      multi_json (>= 1.0)
    mime-types (1.19)
    multi_json (1.5.0)
    multi_xml (0.5.3)
    multipart-post (1.1.5)
    redis (3.0.2)
    simple_oauth (0.1.9)
    thor (0.16.0)
    tinder (1.9.2)
      eventmachine (~> 1.0)
      faraday (~> 0.8)
      faraday_middleware (~> 0.9)
      hashie (~> 1.0)
      json (~> 1.7.5)
      mime-types (~> 1.19)
      multi_json (~> 1.5)
      twitter-stream (~> 0.1)
    twilio-ruby (3.9.0)
      builder (>= 2.1.2)
      jwt (>= 0.1.2)
      multi_json (>= 1.3.0)
    twitter-stream (0.1.16)
      eventmachine (>= 0.12.8)
      http_parser.rb (~> 0.5.1)
      simple_oauth (~> 0.1.4)

PLATFORMS
  ruby

DEPENDENCIES
  cleverbot
  foreman
  redis
  tinder
  twilio-ruby
  twitter-stream
